GIT
  remote: git@invent.focusvision.com:Portland/fv-gem.git
  revision: 854440c7a2a9d03731911f4dbe309d1425b20559
  tag: v0.1.0
  specs:
    fv (0.0.1)
      activesupport
      httparty (~> 0.14.0)

GIT
  remote: git@invent.focusvision.com:Portland/impostor-api.git
  revision: 18093d8669387961fd9de3534d6e84cc77fa2aef
  branch: master
  specs:
    impostor (0.1.1)
      faraday
      httparty
      rack-parser (~> 0.7.0)
      sinatra
      webmock
      xml-simple

PATH
  remote: .
  specs:
    fv_unified (0.1.0)
      fv

GEM
  remote: https://rubygems.org/
  specs:
    activesupport (5.1.2)
      concurrent-ruby (~> 1.0, >= 1.0.2)
      i18n (~> 0.7)
      minitest (~> 5.1)
      tzinfo (~> 1.1)
    addressable (2.5.1)
      public_suffix (~> 2.0, >= 2.0.2)
    coderay (1.1.1)
    concurrent-ruby (1.0.5)
    crack (0.4.3)
      safe_yaml (~> 1.0.0)
    diff-lcs (1.3)
    faraday (0.12.2)
      multipart-post (>= 1.2, < 3)
    hashdiff (0.3.4)
    httparty (0.14.0)
      multi_xml (>= 0.5.2)
    i18n (0.8.6)
    method_source (0.8.2)
    minitest (5.10.3)
    multi_xml (0.6.0)
    multipart-post (2.0.0)
    mustermann (1.0.0)
    pry (0.10.4)
      coderay (~> 1.1.0)
      method_source (~> 0.8.1)
      slop (~> 3.4)
    pry-inline (1.0.3)
      pry (~> 0.10.0)
      unicode (~> 0.4.4)
    public_suffix (2.0.5)
    rack (2.0.3)
    rack-parser (0.7.0)
      rack
    rack-protection (2.0.0)
      rack
    rake (10.5.0)
    rspec (3.6.0)
      rspec-core (~> 3.6.0)
      rspec-expectations (~> 3.6.0)
      rspec-mocks (~> 3.6.0)
    rspec-core (3.6.0)
      rspec-support (~> 3.6.0)
    rspec-expectations (3.6.0)
      diff-lcs (>= 1.2.0, < 2.0)
      rspec-support (~> 3.6.0)
    rspec-mocks (3.6.0)
      diff-lcs (>= 1.2.0, < 2.0)
      rspec-support (~> 3.6.0)
    rspec-support (3.6.0)
    safe_yaml (1.0.4)
    sinatra (2.0.0)
      mustermann (~> 1.0)
      rack (~> 2.0)
      rack-protection (= 2.0.0)
      tilt (~> 2.0)
    slop (3.6.0)
    thread_safe (0.3.6)
    tilt (2.0.8)
    tzinfo (1.2.3)
      thread_safe (~> 0.1)
    unicode (0.4.4.4)
    webmock (2.3.2)
      addressable (>= 2.3.6)
      crack (>= 0.3.2)
      hashdiff
    xml-simple (1.1.5)

PLATFORMS
  ruby

DEPENDENCIES
  bundler (~> 1.11)
  fv!
  fv_unified!
  impostor!
  pry-inline (~> 1.0.2)
  rake (~> 10.0)
  rspec (~> 3.0)
  webmock (~> 2.3.1)

BUNDLED WITH
   1.12.5
